GIT
  remote: http://github.com/ianwhite/orm_adapter.git
  revision: 3e87333ec2c15ee7365fbee990e5ee8b1c77ccd9
  specs:
    orm_adapter (0.0.4)

GIT
  remote: http://github.com/jnunemaker/httparty.git
  revision: a3c3c3d877f2e15dade75262b71c92f7231891eb
  specs:
    httparty (0.6.1)
      crack (= 0.1.8)

GIT
  remote: http://github.com/plataformatec/devise.git
  revision: c42a86957ae3ce5955e9da2eaf604e1e3125693e
  branch: v1.2.oauth
  specs:
    devise (1.2.oauth)
      bcrypt-ruby (~> 2.1.2)
      orm_adapter (~> 0.0.2)
      warden (~> 1.0.0)

GEM
  remote: http://rubygems.org/
  specs:
    Saikuro (1.1.0)
    abstract (1.0.0)
    actionmailer (3.0.3)
      actionpack (= 3.0.3)
      mail (~> 2.2.9)
    actionpack (3.0.3)
      activemodel (= 3.0.3)
      activesupport (= 3.0.3)
      builder (~> 2.1.2)
      erubis (~> 2.6.6)
      i18n (~> 0.4)
      rack (~> 1.2.1)
      rack-mount (~> 0.6.13)
      rack-test (~> 0.5.6)
      tzinfo (~> 0.3.23)
    activemodel (3.0.3)
      activesupport (= 3.0.3)
      builder (~> 2.1.2)
      i18n (~> 0.4)
    activerecord (3.0.3)
      activemodel (= 3.0.3)
      activesupport (= 3.0.3)
      arel (~> 2.0.2)
      tzinfo (~> 0.3.23)
    activeresource (3.0.3)
      activemodel (= 3.0.3)
      activesupport (= 3.0.3)
    activesupport (3.0.3)
    acts-as-taggable-on (2.0.6)
    addressable (2.2.2)
    annotate (2.4.0)
    arel (2.0.6)
    arrayfields (4.7.4)
    bcrypt-ruby (2.1.3)
    builder (2.1.2)
    capybara (0.4.0)
      celerity (>= 0.7.9)
      culerity (>= 0.2.4)
      mime-types (>= 1.16)
      nokogiri (>= 1.3.3)
      rack (>= 1.0.0)
      rack-test (>= 0.5.4)
      selenium-webdriver (>= 0.0.27)
      xpath (~> 0.1.2)
    celerity (0.8.6)
    cgi_multipart_eof_fix (2.5.0)
    childprocess (0.1.6)
      ffi (~> 0.6.3)
    chronic (0.2.3)
      hoe (>= 1.2.1)
    churn (0.0.13)
      chronic (>= 0.2.3)
      hirb
      json_pure
      main
      ruby_parser (~> 2.0.4)
      sexp_processor (~> 3.0.3)
    closure-compiler (0.3.3)
    colored (1.2)
    configuration (1.2.0)
    crack (0.1.8)
    culerity (0.2.14)
    daemons (1.1.0)
    database_cleaner (0.6.0)
    diff-lcs (1.1.2)
    erubis (2.6.6)
      abstract (>= 1.0.0)
    factory_girl (1.3.2)
    factory_girl_rails (1.0.1)
      factory_girl (~> 1.3)
      railties (>= 3.0.0)
    faraday (0.5.3)
      addressable (~> 2.2.2)
      multipart-post (~> 1.0.1)
      rack (>= 1.1.0, < 2)
    fastthread (1.0.7)
    fattr (2.2.0)
    ffi (0.6.3)
      rake (>= 0.8.7)
    flay (1.4.1)
      ruby_parser (~> 2.0)
      sexp_processor (~> 3.0)
    flog (2.5.0)
      ruby_parser (~> 2.0)
      sexp_processor (~> 3.0)
    formtastic (1.2.2)
      actionpack (>= 2.3.7)
      activesupport (>= 2.3.7)
      i18n (>= 0.4.0)
    gem_plugin (0.2.3)
    haml (3.0.25)
    haml-rails (0.3.4)
      actionpack (~> 3.0)
      activesupport (~> 3.0)
      haml (~> 3.0)
      railties (~> 3.0)
    has_scope (0.5.0)
    hirb (0.3.5)
    hoe (2.8.0)
      rake (>= 0.8.7)
    i18n (0.5.0)
    inherited_resources (1.1.2)
      has_scope (~> 0.5.0)
      responders (~> 0.6.0)
    inploy (1.8)
    jammit (0.5.4)
      closure-compiler (>= 0.1.0)
      yui-compressor (>= 0.9.1)
    jquery_tag (0.1.1)
    json_pure (1.4.6)
    launchy (0.3.7)
      configuration (>= 0.0.5)
      rake (>= 0.8.1)
    mail (2.2.14)
      activesupport (>= 2.3.6)
      i18n (>= 0.4.0)
      mime-types (~> 1.16)
      treetop (~> 1.4.8)
    main (4.4.0)
      arrayfields (>= 4.7.4)
      fattr (>= 2.1.0)
    metric_fu (2.0.1)
      Saikuro (>= 1.1.0)
      activesupport (>= 2.0.0)
      chronic (~> 0.2.3)
      churn (>= 0.0.7)
      flay (>= 1.2.1)
      flog (>= 2.2.0)
      rails_best_practices (>= 0.3.16)
      rcov (>= 0.8.3.3)
      reek (>= 1.2.6)
      roodi (>= 2.1.0)
    mime-types (1.16)
    mongrel (1.1.5)
      cgi_multipart_eof_fix (>= 2.4)
      daemons (>= 1.0.3)
      fastthread (>= 1.0.1)
      gem_plugin (>= 0.2.3)
    multi_json (0.0.5)
    multipart-post (1.0.1)
    mysql2 (0.2.6)
    nokogiri (1.4.4)
    oauth2 (0.1.0)
      faraday (~> 0.5.0)
      multi_json (~> 0.0.4)
    polyglot (0.3.1)
    rack (1.2.1)
    rack-mount (0.6.13)
      rack (>= 1.0.0)
    rack-test (0.5.7)
      rack (>= 1.0)
    rails (3.0.3)
      actionmailer (= 3.0.3)
      actionpack (= 3.0.3)
      activerecord (= 3.0.3)
      activeresource (= 3.0.3)
      activesupport (= 3.0.3)
      bundler (~> 1.0)
      railties (= 3.0.3)
    rails3-generators (0.17.0)
      railties (>= 3.0.0)
    rails_best_practices (0.6.5)
      activesupport
      colored (~> 1.2)
      erubis (~> 2.6.6)
      haml (~> 3.0.18)
      i18n
      ruby-progressbar (~> 0.0.9)
      ruby_parser (~> 2.0.4)
    railties (3.0.3)
      actionpack (= 3.0.3)
      activesupport (= 3.0.3)
      rake (>= 0.8.7)
      thor (~> 0.14.4)
    rake (0.8.7)
    rcov (0.9.9)
    reek (1.2.8)
      ruby2ruby (~> 1.2)
      ruby_parser (~> 2.0)
      sexp_processor (~> 3.0)
    remarkable (4.0.0.alpha4)
      rspec (>= 2.0.0.alpha11)
    remarkable_activemodel (4.0.0.alpha4)
      remarkable (~> 4.0.0.alpha4)
      rspec (>= 2.0.0.alpha11)
    remarkable_activerecord (4.0.0.alpha4)
      remarkable (~> 4.0.0.alpha4)
      remarkable_activemodel (~> 4.0.0.alpha4)
      rspec (>= 2.0.0.alpha11)
    responders (0.6.2)
    riddle (1.2.2)
    roodi (2.1.0)
      ruby_parser
    rspec (2.4.0)
      rspec-core (~> 2.4.0)
      rspec-expectations (~> 2.4.0)
      rspec-mocks (~> 2.4.0)
    rspec-core (2.4.0)
    rspec-expectations (2.4.0)
      diff-lcs (~> 1.1.2)
    rspec-mocks (2.4.0)
    rspec-rails (2.4.1)
      actionpack (~> 3.0)
      activesupport (~> 3.0)
      railties (~> 3.0)
      rspec (~> 2.4.0)
    ruby-progressbar (0.0.9)
    ruby2ruby (1.2.5)
      ruby_parser (~> 2.0)
      sexp_processor (~> 3.0)
    ruby_parser (2.0.5)
      sexp_processor (~> 3.0)
    rubyzip (0.9.4)
    selenium-webdriver (0.1.2)
      childprocess (~> 0.1.5)
      ffi (~> 0.6.3)
      json_pure
      rubyzip
    sexp_processor (3.0.5)
    sqlite3-ruby (1.3.2)
    steak (1.0.1)
      rspec (>= 1.3)
    thinking-sphinx (2.0.1)
      activerecord (>= 3.0.3)
      riddle (>= 1.2.1)
    thor (0.14.6)
    treetop (1.4.9)
      polyglot (>= 0.3.1)
    tzinfo (0.3.23)
    warden (1.0.3)
      rack (>= 1.0.0)
    will_paginate (2.3.15)
    xpath (0.1.2)
      nokogiri (~> 1.3)
    yui-compressor (0.9.1)

PLATFORMS
  ruby

DEPENDENCIES
  acts-as-taggable-on
  annotate
  capybara
  database_cleaner
  devise!
  factory_girl_rails
  formtastic
  haml-rails
  httparty!
  inherited_resources (= 1.1.2)
  inploy
  jammit
  jquery_tag
  launchy
  metric_fu
  mongrel
  mysql2
  oauth2
  orm_adapter!
  rails (~> 3.0)
  rails3-generators
  remarkable (>= 4.0.0.alpha4)
  remarkable_activemodel (>= 4.0.0.alpha4)
  remarkable_activerecord (>= 4.0.0.alpha4)
  rspec-rails (~> 2.0)
  sqlite3-ruby
  steak (~> 1.0)
  thinking-sphinx (~> 2.0)
  will_paginate
